NUGET
  remote: https://nuget.org/api/v2
  specs:
    FAKE (3.7.9)
    GitVersion (1.3.2)
    LibGit2Sharp (0.19.0.0)
